GIT
  remote: git://github.com/promptworks/boulevard.git
  revision: c58d53e073ef54d85ff3037f385ddaf1f384f1de
  specs:
    boulevard (0.1.0)
      commander (~> 4.0)
      rack
      rack-cors

GEM
  remote: https://rubygems.org/
  specs:
    commander (4.4.3)
      highline (~> 1.7.2)
    highline (1.7.8)
    rack (2.0.1)
    rack-cors (0.4.0)

PLATFORMS
  ruby

DEPENDENCIES
  boulevard!

RUBY VERSION
   ruby 2.4.0p0

BUNDLED WITH
   1.13.7
